GEM
  remote: https://rubygems.org/
  specs:
    concurrent-ruby (1.1.5)

PLATFORMS
  ruby

DEPENDENCIES
  concurrent-ruby (~> 1.1.5)

BUNDLED WITH
   2.0.1
